PATH
  remote: .
  specs:
    egads (0.0.1)
      fog
      thor

GEM
  remote: https://rubygems.org/
  specs:
    builder (3.2.2)
    columnize (0.3.6)
    debugger (1.5.0)
      columnize (>= 0.3.1)
      debugger-linecache (~> 1.2.0)
      debugger-ruby_core_source (~> 1.2.0)
    debugger-linecache (1.2.0)
    debugger-ruby_core_source (1.2.0)
    excon (0.22.1)
    fog (1.11.1)
      builder
      excon (~> 0.20)
      formatador (~> 0.2.0)
      json (~> 1.7)
      mime-types
      net-scp (~> 1.1)
      net-ssh (>= 2.1.3)
      nokogiri (~> 1.5.0)
      ruby-hmac
    formatador (0.2.4)
    json (1.8.0)
    mime-types (1.23)
    minitest (5.0.3)
    net-scp (1.1.1)
      net-ssh (>= 2.6.5)
    net-ssh (2.6.7)
    nokogiri (1.5.9)
    rake (10.0.4)
    ruby-hmac (0.4.0)
    thor (0.18.1)

PLATFORMS
  ruby

DEPENDENCIES
  debugger
  egads!
  minitest
  rake
